GEM
  remote: https://rubygems.org/
  specs:
    allure-cucumber (0.5.8)
      allure-ruby-adaptor-api
      cucumber (>= 2.0.0)
    allure-ruby-adaptor-api (0.7.0)
      mimemagic
      nokogiri (~> 1.7)
      uuid
    builder (3.2.3)
    childprocess (0.5.9)
      ffi (~> 1.0, >= 1.0.11)
    cucumber (2.4.0)
      builder (>= 2.1.2)
      cucumber-core (~> 1.5.0)
      cucumber-wire (~> 0.0.1)
      diff-lcs (>= 1.1.3)
      gherkin (~> 4.0)
      multi_json (>= 1.7.5, < 2.0)
      multi_test (>= 0.1.2)
    cucumber-core (1.5.0)
      gherkin (~> 4.0)
    cucumber-wire (0.0.1)
    data_magic (0.22)
      faker (>= 1.1.2)
      yml_reader (>= 0.6)
    diff-lcs (1.3)
    faker (1.7.2)
      i18n (~> 0.5)
    ffi (1.9.17)
    gherkin (4.0.0)
    headless (2.3.1)
    httpclient (2.8.3)
    i18n (0.7.0)
    macaddr (1.7.1)
      systemu (~> 2.6.2)
    mimemagic (0.3.2)
    mini_portile2 (2.1.0)
    multi_json (1.12.1)
    multi_test (0.1.2)
    net-http-persistent (2.9.4)
    nokogiri (1.7.0.1)
      mini_portile2 (~> 2.1.0)
    page-object (2.0.0)
      net-http-persistent (~> 2.9.4)
      page_navigation (>= 0.9)
      selenium-webdriver (~> 3.0)
      watir (~> 6.0)
    page_navigation (0.10)
      data_magic (>= 0.22)
    parallel (1.10.0)
    parallel_cucumber (0.1.22)
      cucumber (~> 2)
      parallel (~> 1.6)
    power_assert (0.4.1)
    pusher (1.3.0)
      httpclient (~> 2.7)
      multi_json (~> 1.0)
      pusher-signature (~> 0.1.8)
    pusher-signature (0.1.8)
    rake (11.3.0)
    require_all (1.4.0)
    rspec-expectations (3.5.0)
      diff-lcs (>= 1.2.0, < 2.0)
      rspec-support (~> 3.5.0)
    rspec-support (3.5.0)
    rubyzip (1.2.0)
    selenium-webdriver (3.0.5)
      childprocess (~> 0.5)
      rubyzip (~> 1.0)
      websocket (~> 1.0)
    syntax (1.2.1)
    systemu (2.6.5)
    test-unit (3.2.3)
      power_assert
    uuid (2.3.8)
      macaddr (~> 1.0)
    watir (6.1.0)
      selenium-webdriver (~> 3.0)
    websocket (1.2.3)
    yml_reader (0.7)

PLATFORMS
  ruby

DEPENDENCIES
  allure-cucumber
  cucumber
  data_magic
  headless
  page-object
  parallel_cucumber
  pusher
  rake
  require_all
  rspec-expectations
  syntax (~> 1.2)
  test-unit
  watir

BUNDLED WITH
   1.13.6
